GEM
  remote: https://rubygems.org/
  specs:
    asciidoctor (2.0.18)

PLATFORMS
  x86_64-linux

DEPENDENCIES
  asciidoctor

BUNDLED WITH
   2.3.5
